GEM
  remote: https://rubygems.org/
  specs:
    nio4r (2.5.4)
    puma (5.0.2)
      nio4r (~> 2.0)
    rack (2.2.3)

PLATFORMS
  ruby

DEPENDENCIES
  puma
  rack

RUBY VERSION
   ruby 2.7.1p83

BUNDLED WITH
   2.1.4
